GEM
  remote: https://rubygems.org/
  specs:
    artifactory (2.5.1)
    busser (0.7.1)
      thor (<= 0.19.0)
    busser-bats (0.3.0)
      busser
    kitchen-ansible (0.45.8)
      net-ssh (~> 3.0)
      test-kitchen (~> 1.4)
    kitchen-sync (2.1.2)
      net-sftp
      test-kitchen (>= 1.0.0)
    kitchen-vagrant (1.0.0)
      test-kitchen (~> 1.4)
    mixlib-install (2.1.10)
      artifactory
      mixlib-shellout
      mixlib-versioning
      thor
    mixlib-shellout (2.2.7)
    mixlib-versioning (1.1.0)
    net-scp (1.2.1)
      net-ssh (>= 2.6.5)
    net-sftp (2.1.2)
      net-ssh (>= 2.6.5)
    net-ssh (3.2.0)
    net-ssh-gateway (1.2.0)
      net-ssh (>= 2.6.5)
    safe_yaml (1.0.4)
    test-kitchen (1.15.0)
      mixlib-install (>= 1.2, < 3.0)
      mixlib-shellout (>= 1.2, < 3.0)
      net-scp (~> 1.1)
      net-ssh (>= 2.9, < 5.0)
      net-ssh-gateway (~> 1.2)
      safe_yaml (~> 1.0)
      thor (~> 0.18)
    thor (0.19.0)
    vagrant-wrapper (2.0.3)

PLATFORMS
  ruby

DEPENDENCIES
  busser-bats
  kitchen-ansible
  kitchen-sync
  kitchen-vagrant
  test-kitchen
  vagrant-wrapper

BUNDLED WITH
   1.12.5
